GEM
  remote: https://rubygems.org/
  specs:
    rack (1.4.1)
    rack-test (0.6.1)
      rack (>= 1.0)
    shoulda (3.0.1)
      shoulda-context (~> 1.0.0)
      shoulda-matchers (~> 1.0.0)
    shoulda-context (1.0.0)
    shoulda-matchers (1.0.0)

PLATFORMS
  ruby

DEPENDENCIES
  rack (~> 1.4.1)
  rack-test (~> 0.6.1)
  shoulda (~> 3.0.1)
